GEM
  remote: https://rubygems.org/
  specs:
    base64 (0.1.1)
    connection_pool (2.4.1)
    faraday (2.7.11)
      base64
      faraday-net_http (>= 2.0, < 3.1)
      ruby2_keywords (>= 0.0.4)
    faraday-net_http (3.0.2)
    jwt (2.7.1)
    nokogiri (1.15.4-arm64-darwin)
      racc (~> 1.4)
    nokogiri (1.15.4-x86_64-linux)
      racc (~> 1.4)
    racc (1.7.1)
    redis (5.0.8)
      redis-client (>= 0.17.0)
    redis-client (0.17.1)
      connection_pool
    ruby2_keywords (0.0.5)
    twilio-ruby (6.8.0)
      faraday (>= 0.9, < 3.0)
      jwt (>= 1.5, < 3.0)
      nokogiri (>= 1.6, < 2.0)

PLATFORMS
  arm64-darwin-22
  x86_64-linux

DEPENDENCIES
  redis
  twilio-ruby

BUNDLED WITH
   2.3.20
